PATH
  remote: .
  specs:
    rack-pjax (1.1.0)
      nokogiri (~> 1.5)
      rack (>= 1.1)

GEM
  remote: https://rubygems.org/
  specs:
    appraisal (2.4.0)
      bundler
      rake
      thor (>= 0.14.0)
    diff-lcs (1.4.4)
    nokogiri (1.11.1-x86_64-darwin)
      racc (~> 1.4)
    nokogiri (1.11.1-x86_64-linux)
      racc (~> 1.4)
    racc (1.5.2)
    rack (2.2.3)
    rack-test (1.1.0)
      rack (>= 1.0, < 3)
    rake (13.0.3)
    rspec (3.10.0)
      rspec-core (~> 3.10.0)
      rspec-expectations (~> 3.10.0)
      rspec-mocks (~> 3.10.0)
    rspec-core (3.10.1)
      rspec-support (~> 3.10.0)
    rspec-expectations (3.10.1)
      diff-lcs (>= 1.2.0, < 2.0)
      rspec-support (~> 3.10.0)
    rspec-mocks (3.10.2)
      diff-lcs (>= 1.2.0, < 2.0)
      rspec-support (~> 3.10.0)
    rspec-support (3.10.2)
    thor (1.1.0)

PLATFORMS
  x86_64-darwin-16
  x86_64-linux

DEPENDENCIES
  appraisal
  rack-pjax!
  rack-test
  rake
  rspec

BUNDLED WITH
   2.2.11
